GEM
  remote: https://rubygems.org/
  specs:
    byebug (6.0.2)
    minitest (5.8.1)

PLATFORMS
  ruby

DEPENDENCIES
  byebug
  minitest

BUNDLED WITH
   1.10.5
